GEM
  remote: https://rubygems.org/
  specs:
    rack (3.0.0)
    sinatra (1.0)
      rack (>= 1.0)

PLATFORMS
  ruby

DEPENDENCIES
  rack (>= 3.0.0)
  sinatra

BUNDLED WITH
   2.1.4
