GEM
  remote: https://rubygems.org/
  specs:
    rack (3.0.6.1)
    sinatra (1.0)
      rack (>= 1.0)

PLATFORMS
  ruby

DEPENDENCIES
  rack (>= 2.2.6.4)
  sinatra

BUNDLED WITH
   2.1.4
